PATH
  remote: .
  specs:
    kraken-build (0.0.4)
      httparty

GEM
  remote: https://rubygems.org/
  specs:
    ZenTest (4.8.3)
    autotest (4.4.6)
      ZenTest (>= 4.4.1)
    diff-lcs (1.1.3)
    httparty (0.10.2)
      multi_json (~> 1.0)
      multi_xml (>= 0.5.2)
    multi_json (1.6.0)
    multi_xml (0.5.3)
    rake (10.0.3)
    rspec (2.12.0)
      rspec-core (~> 2.12.0)
      rspec-expectations (~> 2.12.0)
      rspec-mocks (~> 2.12.0)
    rspec-core (2.12.2)
    rspec-expectations (2.12.1)
      diff-lcs (~> 1.1.3)
    rspec-mocks (2.12.2)

PLATFORMS
  ruby

DEPENDENCIES
  ZenTest (= 4.8.3)
  autotest
  httparty
  kraken-build!
  rake
  rspec
